GEM
  remote: https://rubygems.org/
  specs:
    rack (2.2.3)

PLATFORMS
  ruby

DEPENDENCIES
  rack (~> 2.2)

RUBY VERSION
   ruby 3.0.3p157

BUNDLED WITH
   2.2.32
