GEM
  remote: https://rubygems.org/
  specs:
    rack (2.2.6.2)
    webrick (1.7.0)

PLATFORMS
  ruby

DEPENDENCIES
  rack (~> 2.2)
  webrick (~> 1.7)

RUBY VERSION
   ruby 3.1.2p20

BUNDLED WITH
   2.1.4
